PATH
  remote: .
  specs:
    phlex-pdf (0.1.0)
      matrix (~> 0.4)
      prawn (~> 2.0)

GEM
  remote: https://rubygems.org/
  specs:
    diff-lcs (1.5.1)
    matrix (0.4.2)
    pdf-core (0.9.0)
    prawn (2.4.0)
      pdf-core (~> 0.9.0)
      ttfunk (~> 1.7)
    rake (13.1.0)
    rspec (3.13.0)
      rspec-core (~> 3.13.0)
      rspec-expectations (~> 3.13.0)
      rspec-mocks (~> 3.13.0)
    rspec-core (3.13.0)
      rspec-support (~> 3.13.0)
    rspec-expectations (3.13.0)
      diff-lcs (>= 1.2.0, < 2.0)
      rspec-support (~> 3.13.0)
    rspec-mocks (3.13.0)
      diff-lcs (>= 1.2.0, < 2.0)
      rspec-support (~> 3.13.0)
    rspec-support (3.13.0)
    ttfunk (1.7.0)

PLATFORMS
  arm64-darwin-23
  ruby

DEPENDENCIES
  phlex-pdf!
  rake (~> 13.0)
  rspec (~> 3.0)

BUNDLED WITH
   2.5.4
