PATH
  remote: .
  specs:
    phlex-pdf (0.1.2)
      matrix (~> 0.4)
      prawn (~> 2.0)

GEM
  remote: https://rubygems.org/
  specs:
    Ascii85 (1.1.0)
    afm (0.2.2)
    diff-lcs (1.5.1)
    hashery (2.1.2)
    matrix (0.4.2)
    pdf-core (0.9.0)
    pdf-inspector (1.3.0)
      pdf-reader (>= 1.0, < 3.0.a)
    pdf-reader (2.12.0)
      Ascii85 (~> 1.0)
      afm (~> 0.2.1)
      hashery (~> 2.0)
      ruby-rc4
      ttfunk
    prawn (2.4.0)
      pdf-core (~> 0.9.0)
      ttfunk (~> 1.7)
    rake (13.1.0)
    rspec (3.13.0)
      rspec-core (~> 3.13.0)
      rspec-expectations (~> 3.13.0)
      rspec-mocks (~> 3.13.0)
    rspec-core (3.13.0)
      rspec-support (~> 3.13.0)
    rspec-expectations (3.13.0)
      diff-lcs (>= 1.2.0, < 2.0)
      rspec-support (~> 3.13.0)
    rspec-mocks (3.13.0)
      diff-lcs (>= 1.2.0, < 2.0)
      rspec-support (~> 3.13.0)
    rspec-support (3.13.0)
    ruby-rc4 (0.1.5)
    ttfunk (1.7.0)

PLATFORMS
  arm64-darwin-23
  ruby

DEPENDENCIES
  pdf-inspector (~> 1.0)
  phlex-pdf!
  rake (~> 13.0)
  rspec (~> 3.0)

BUNDLED WITH
   2.5.4
